PATH
  remote: .
  specs:
    rowan_bot (0.1.0)
      capybara
      docusign_esign
      faraday
      restforce (~> 4.2.2)
      selenium-webdriver
      slack-ruby-client

GEM
  remote: https://rubygems.org/
  specs:
    activesupport (6.0.3.1)
      concurrent-ruby (~> 1.0, >= 1.0.2)
      i18n (>= 0.7, < 2)
      minitest (~> 5.1)
      tzinfo (~> 1.1)
      zeitwerk (~> 2.2, >= 2.2.2)
    addressable (2.7.0)
      public_suffix (>= 2.0.2, < 5.0)
    capybara (3.32.2)
      addressable
      mini_mime (>= 0.1.3)
      nokogiri (~> 1.8)
      rack (>= 1.6.0)
      rack-test (>= 0.6.3)
      regexp_parser (~> 1.5)
      xpath (~> 3.2)
    childprocess (3.0.0)
    concurrent-ruby (1.1.6)
    diff-lcs (1.3)
    docusign_esign (3.3.0)
      json (~> 2.1, >= 2.1.0)
      jwt (~> 2.2, >= 2.2.1)
      typhoeus (~> 1.0, >= 1.0.1)
    ethon (0.12.0)
      ffi (>= 1.3.0)
    faraday (1.0.0)
      multipart-post (>= 1.2, < 3)
    faraday_middleware (1.0.0)
      faraday (~> 1.0)
    ffi (1.13.0)
    gli (2.19.0)
    hashie (4.1.0)
    i18n (1.8.2)
      concurrent-ruby (~> 1.0)
    json (2.3.0)
    jwt (2.2.1)
    mini_mime (1.0.2)
    mini_portile2 (2.4.0)
    minitest (5.14.1)
    multipart-post (2.1.1)
    nokogiri (1.10.9)
      mini_portile2 (~> 2.4.0)
    public_suffix (4.0.5)
    rack (2.2.2)
    rack-test (1.1.0)
      rack (>= 1.0, < 3)
    rake (10.5.0)
    regexp_parser (1.7.0)
    restforce (4.2.2)
      faraday (>= 0.9.0, <= 1.0)
      faraday_middleware (>= 0.8.8, <= 1.0)
      hashie (>= 1.2.0, < 5.0)
      json (>= 1.7.5)
      jwt (>= 1.5.6)
    rspec (3.9.0)
      rspec-core (~> 3.9.0)
      rspec-expectations (~> 3.9.0)
      rspec-mocks (~> 3.9.0)
    rspec-core (3.9.2)
      rspec-support (~> 3.9.3)
    rspec-expectations (3.9.2)
      diff-lcs (>= 1.2.0, < 2.0)
      rspec-support (~> 3.9.0)
    rspec-mocks (3.9.1)
      diff-lcs (>= 1.2.0, < 2.0)
      rspec-support (~> 3.9.0)
    rspec-support (3.9.3)
    rubyzip (2.3.0)
    selenium-webdriver (3.142.7)
      childprocess (>= 0.5, < 4.0)
      rubyzip (>= 1.2.2)
    slack-ruby-client (0.14.6)
      activesupport
      faraday (>= 0.9)
      faraday_middleware
      gli
      hashie
      websocket-driver
    thread_safe (0.3.6)
    typhoeus (1.4.0)
      ethon (>= 0.9.0)
    tzinfo (1.2.7)
      thread_safe (~> 0.1)
    websocket-driver (0.7.2)
      websocket-extensions (>= 0.1.0)
    websocket-extensions (0.1.4)
    xpath (3.2.0)
      nokogiri (~> 1.8)
    zeitwerk (2.3.0)

PLATFORMS
  ruby

DEPENDENCIES
  bundler (~> 2.0)
  rake (~> 10.0)
  rowan_bot!
  rspec (~> 3.0)

BUNDLED WITH
   2.1.2
